PATH
  remote: .
  specs:
    fortes_forum (0.0.1)

GEM
  remote: https://rubygems.org/
  specs:

PLATFORMS
  ruby

DEPENDENCIES
  fortes_forum!
